GEM
  remote: https://rubygems.org/
  specs:
    addressable (2.5.2)
      public_suffix (>= 2.0.2, < 4.0)
    configuration (1.3.4)
    faraday (0.15.4)
      multipart-post (>= 1.2, < 3)
    gosu (0.13.3)
    multipart-post (2.0.0)
    octokit (4.8.0)
      sawyer (~> 0.8.0, >= 0.5.3)
    public_suffix (3.0.3)
    rtanque (0.1.3)
      configuration (~> 1.3.4)
      gosu (~> 0.13.1)
      octokit (~> 4.8.0)
      texplay (>= 0.4.4pre)
      thor (~> 0.20.0)
    sawyer (0.8.1)
      addressable (>= 2.3.5, < 2.6)
      faraday (~> 0.8, < 1.0)
    texplay (0.4.4.pre)
      gosu (>= 0.7.25)
    thor (0.20.3)

PLATFORMS
  ruby

DEPENDENCIES
  rtanque

BUNDLED WITH
   1.16.1
